GEM
  remote: https://rubygems.org/
  specs:
    ffi (1.9.18)
    gruff (0.7.0)
      rmagick (~> 2.13, >= 2.13.4)
    logger (1.2.8)
    rb-inotify (0.9.10)
      ffi (>= 0.5.0, < 2)
    rmagick (2.16.0)
    sequel (4.49.0)
    sqlite3 (1.3.13)

PLATFORMS
  ruby

DEPENDENCIES
  gruff
  logger
  rb-inotify
  sequel
  sqlite3

BUNDLED WITH
   1.13.6
