GEM
  remote: https://rubygems.org/
  specs:
    activesupport (5.1.3)
      concurrent-ruby (~> 1.0, >= 1.0.2)
      i18n (~> 0.7)
      minitest (~> 5.1)
      tzinfo (~> 1.1)
    concurrent-ruby (1.0.5)
    ffi (1.9.18)
    gruff (0.7.0)
      rmagick (~> 2.13, >= 2.13.4)
    i18n (0.8.6)
    logger (1.2.8)
    minitest (5.10.3)
    rb-inotify (0.9.10)
      ffi (>= 0.5.0, < 2)
    rmagick (2.16.0)
    sequel (4.49.0)
    sqlite3 (1.3.13)
    thread_safe (0.3.6)
    tzinfo (1.2.3)
      thread_safe (~> 0.1)

PLATFORMS
  ruby

DEPENDENCIES
  activesupport
  gruff
  logger
  rb-inotify
  sequel
  sqlite3

BUNDLED WITH
   1.13.6
